GEM
  remote: https://rubygems.org/
  specs:
    coderay (1.0.9)
    diff-lcs (1.2.1)
    ffi (1.4.0)
    growl (1.0.3)
    guard (1.6.2)
      listen (>= 0.6.0)
      lumberjack (>= 1.0.2)
      pry (>= 0.9.10)
      terminal-table (>= 1.4.3)
      thor (>= 0.14.6)
    guard-bundler (1.0.0)
      bundler (~> 1.0)
      guard (~> 1.1)
    guard-rspec (2.5.4)
      guard (>= 1.1)
      rspec (~> 2.11)
    listen (1.0.2)
      rb-fsevent (>= 0.9.3)
      rb-inotify (>= 0.9)
      rb-kqueue (>= 0.2)
    lumberjack (1.0.2)
    method_source (0.8.1)
    pry (0.9.12)
      coderay (~> 1.0.5)
      method_source (~> 0.8)
      slop (~> 3.4)
    rb-fsevent (0.9.3)
    rb-inotify (0.9.0)
      ffi (>= 0.5.0)
    rb-kqueue (0.2.0)
      ffi (>= 0.5.0)
    rspec (2.13.0)
      rspec-core (~> 2.13.0)
      rspec-expectations (~> 2.13.0)
      rspec-mocks (~> 2.13.0)
    rspec-core (2.13.0)
    rspec-expectations (2.13.0)
      diff-lcs (>= 1.1.3, < 2.0)
    rspec-mocks (2.13.0)
    rubygems-bundler (1.1.0)
    slop (3.4.3)
    terminal-table (1.4.5)
    thor (0.17.0)

PLATFORMS
  ruby

DEPENDENCIES
  growl
  guard-bundler
  guard-rspec
  rubygems-bundler
